GEM
  remote: https://rubygems.org/
  specs:
    daemons (1.2.4)
    dnsruby (1.60.0)
    eventmachine (1.2.1)
    mina (1.0.3)
      open4 (~> 1.3.4)
      rake
    minitest (5.10.1)
    open4 (1.3.4)
    rack (1.6.5)
    rack-protection (1.5.3)
      rack
    rake (11.3.0)
    sinatra (1.4.7)
      rack (~> 1.5)
      rack-protection (~> 1.4)
      tilt (>= 1.3, < 3)
    thin (1.7.0)
      daemons (~> 1.0, >= 1.0.9)
      eventmachine (~> 1.0, >= 1.0.4)
      rack (>= 1, < 3)
    tilt (2.0.5)

PLATFORMS
  ruby

DEPENDENCIES
  dnsruby
  mina
  minitest
  sinatra
  thin

BUNDLED WITH
   1.13.6
