GEM
  remote: https://rubygems.org/
  specs:
    daemons (1.2.3)
    encryption (1.1.8)
    eventmachine (1.0.8)
    ffi (1.9.14)
    listen (3.1.5)
      rb-fsevent (~> 0.9, >= 0.9.4)
      rb-inotify (~> 0.9, >= 0.9.7)
      ruby_dep (~> 1.2)
    mina (0.3.7)
      open4 (~> 1.3.4)
      rake
    minitest (5.7.0)
    open4 (1.3.4)
    public_suffix (2.0.3)
    rack (1.6.4)
    rack-protection (1.5.3)
      rack
    rake (10.4.2)
    rb-fsevent (0.9.8)
    rb-inotify (0.9.7)
      ffi (>= 0.5.0)
    rerun (0.11.0)
      listen (~> 3.0)
    ruby_dep (1.5.0)
    sinatra (1.4.6)
      rack (~> 1.4)
      rack-protection (~> 1.4)
      tilt (>= 1.3, < 3)
    thin (1.6.3)
      daemons (~> 1.0, >= 1.0.9)
      eventmachine (~> 1.0)
      rack (~> 1.0)
    tilt (2.0.1)

PLATFORMS
  ruby

DEPENDENCIES
  encryption
  mina
  minitest
  public_suffix
  rerun
  sinatra
  thin

BUNDLED WITH
   1.13.6
